PATH
  remote: .
  specs:
    wic_practice_walkthrough (0.1.0)
      nokogiri
      tty-prompt

GEM
  remote: https://rubygems.org/
  specs:
    coderay (1.1.2)
    equatable (0.6.1)
    method_source (0.9.2)
    mini_portile2 (2.5.1)
    necromancer (0.5.1)
    nokogiri (1.11.5)
      mini_portile2 (~> 2.5.0)
      racc (~> 1.4)
    pastel (0.7.3)
      equatable (~> 0.6)
      tty-color (~> 0.5)
    pry (0.12.2)
      coderay (~> 1.1.0)
      method_source (~> 0.9.0)
    racc (1.5.2)
    rake (10.5.0)
    tty-color (0.5.1)
    tty-cursor (0.7.1)
    tty-prompt (0.21.0)
      necromancer (~> 0.5.0)
      pastel (~> 0.7.0)
      tty-reader (~> 0.7.0)
    tty-reader (0.7.0)
      tty-cursor (~> 0.7)
      tty-screen (~> 0.7)
      wisper (~> 2.0.0)
    tty-screen (0.7.1)
    wisper (2.0.1)

PLATFORMS
  ruby

DEPENDENCIES
  bundler (~> 2.0)
  pry
  rake (~> 10.0)
  tty-prompt
  wic_practice_walkthrough!

BUNDLED WITH
   2.0.2
